GEM
  remote: https://rubygems.org/
  specs:
    git_repository (0.0.11)
    rake (10.1.0)

PLATFORMS
  ruby

DEPENDENCIES
  git_repository
  rake
