GEM
  remote: https://rubygems.org/
  specs:
    git_repository (0.0.11)
    httparty (0.11.0)
      multi_json (~> 1.0)
      multi_xml (>= 0.5.2)
    multi_json (1.7.9)
    multi_xml (0.5.5)
    rake (0.9.6)

PLATFORMS
  ruby

DEPENDENCIES
  git_repository
  httparty
  rake
